GEM
  specs:
    addressable (2.3.8)
    crack (0.4.2)
      safe_yaml (~> 1.0.0)
    epp-client (2.1.0)
      libxml-ruby
    faker (1.4.3)
      i18n (~> 0.5)
    i18n (0.7.0)
    libxml-ruby (2.8.0)
    minitest (5.6.0)
    rake (10.4.2)
    safe_yaml (1.0.4)
    webmock (1.21.0)
      addressable (>= 2.3.6)
      crack (>= 0.3.2)

PLATFORMS
  ruby

DEPENDENCIES
  epp-client
  faker
  minitest
  rake
  webmock
